GEM
  remote: https://rubygems.org/
  specs:
    hue (0.1.2)
      multi_json
      thor
    multi_json (1.9.0)
    parallel (0.9.2)
    thor (0.18.1)

PLATFORMS
  ruby

DEPENDENCIES
  hue
  parallel
